GIT
  remote: https://github.com/sandelius/mina-puma.git
  revision: 387ceb8e94ffee3aedaf7a2acb7fc3ed907522ab
  specs:
    mina-puma (0.2.0)
      mina

GEM
  remote: https://rubygems.org/
  remote: https://gem.fury.io/mineworks/
  specs:
    diff-lcs (1.2.5)
    gemfury_hola (0.0.1)
    json (1.8.3)
    mina (0.3.8)
      open4 (~> 1.3.4)
      rake
    open4 (1.3.4)
    rake (10.5.0)
    rspec (3.4.0)
      rspec-core (~> 3.4.0)
      rspec-expectations (~> 3.4.0)
      rspec-mocks (~> 3.4.0)
    rspec-core (3.4.3)
      rspec-support (~> 3.4.0)
    rspec-expectations (3.4.0)
      diff-lcs (>= 1.2.0, < 2.0)
      rspec-support (~> 3.4.0)
    rspec-mocks (3.4.1)
      diff-lcs (>= 1.2.0, < 2.0)
      rspec-support (~> 3.4.0)
    rspec-support (3.4.1)

PLATFORMS
  ruby

DEPENDENCIES
  gemfury_hola!
  json
  mina-puma!
  rake
  rspec

BUNDLED WITH
   1.11.2
